GIT
  remote: git://github.com/datamapper/dm-core.git
  revision: c3eacc067d2aa90c5e147ae9e799ab37955d138a
  specs:
    dm-core (1.0.0)
      addressable (~> 2.2)
      extlib (~> 0.9.15)

GIT
  remote: git://github.com/datamapper/dm-migrations.git
  revision: da2ef7d05624984e3cd1c22c7a9c4eef68373661
  specs:
    dm-migrations (1.0.0)
      dm-core (~> 1.0.0)

GIT
  remote: git://github.com/datamapper/dm-types.git
  revision: 2b9648fab2028d519896a278f314f75f61c39b60
  specs:
    dm-types (1.0.0)
      dm-core (~> 1.0.0)
      fastercsv (~> 1.5.3)
      json_pure (~> 1.4)
      stringex (~> 1.1.0)
      uuidtools (~> 2.1.1)

GEM
  remote: http://rubygems.org/
  specs:
    activesupport (3.0.0)
    addressable (2.2.0)
    extlib (0.9.15)
    fastercsv (1.5.3)
    git (1.2.5)
    jeweler (1.5.0.pre2)
      bundler (>= 1.0.0.rc.5)
      git (>= 1.2.5)
      rake
    json_pure (1.4.6)
    rake (0.8.7)
    rdiscount (1.6.5)
    rspec (1.3.0)
    stringex (1.1.0)
    uuidtools (2.1.1)
    yard (0.6.0)

PLATFORMS
  ruby

DEPENDENCIES
  activesupport (~> 3.0.0)
  dm-core (~> 1.0.0)!
  dm-migrations (~> 1.0.0)!
  dm-types (~> 1.0.0)!
  jeweler (~> 1.5.0.pre)
  rake (~> 0.8.7)
  rdiscount (~> 1.6.3)
  rspec (~> 1.3.0)
  yard (~> 0.6.0)
